GEM
  remote: http://rubygems.org/
  specs:
    activesupport (3.2.12)
      i18n (~> 0.6)
      multi_json (~> 1.0)
    adhearsion (2.2.1)
      activesupport (~> 3.0)
      adhearsion-loquacious (~> 1.9)
      bundler (~> 1.0)
      celluloid (~> 0.12, >= 0.12.1)
      countdownlatch
      deep_merge
      ffi (~> 1.0)
      future-resource (~> 1.0)
      girl_friday
      has-guarded-handlers (~> 1.5)
      logging (~> 1.8)
      pry
      punchblock (~> 1.4)
      rake
      ruby_speech (~> 1.0)
      thor
    adhearsion-loquacious (1.9.3)
    blather (0.8.2)
      activesupport (>= 2.3.11)
      eventmachine (>= 1.0.0)
      girl_friday
      niceogiri (~> 1.0)
      nokogiri (~> 1.5, >= 1.5.6)
    celluloid (0.12.4)
      facter (>= 1.6.12)
      timers (>= 1.0.0)
    celluloid-io (0.12.1)
      celluloid (~> 0.12.0)
      nio4r (>= 0.4.0)
    coderay (1.0.8)
    connection_pool (1.0.0)
    countdownlatch (1.0.0)
    deep_merge (1.0.0)
    diff-lcs (1.1.3)
    eventmachine (1.0.0)
    facter (1.6.17)
    ffi (1.4.0)
    future-resource (1.0.0)
    girl_friday (0.11.2)
      connection_pool (~> 1.0)
      rubinius-actor
    has-guarded-handlers (1.5.0)
    i18n (0.6.1)
    json (1.7.7)
    little-plugger (1.1.3)
    logging (1.8.1)
      little-plugger (>= 1.1.3)
      multi_json (>= 1.3.6)
    method_source (0.8.1)
    multi_json (1.6.1)
    niceogiri (1.1.1)
      nokogiri (~> 1.5)
    nio4r (0.4.3)
    nokogiri (1.5.6)
    pry (0.9.12)
      coderay (~> 1.0.5)
      method_source (~> 0.8)
      slop (~> 3.4)
    punchblock (1.8.0)
      activesupport (~> 3.0)
      blather (>= 0.7.0)
      celluloid (~> 0.12, >= 0.12.4)
      future-resource (~> 1.0)
      has-guarded-handlers (~> 1.5)
      niceogiri (~> 1.1)
      nokogiri (~> 1.5, >= 1.5.6)
      ruby_ami (~> 1.2, >= 1.2.1)
      ruby_fs (~> 1.0)
      ruby_speech (~> 1.0)
      state_machine (~> 1.0)
    rake (10.0.3)
    rspec (2.12.0)
      rspec-core (~> 2.12.0)
      rspec-expectations (~> 2.12.0)
      rspec-mocks (~> 2.12.0)
    rspec-core (2.12.2)
    rspec-expectations (2.12.1)
      diff-lcs (~> 1.1.3)
    rspec-mocks (2.12.2)
    rubinius-actor (0.0.2)
      rubinius-core-api
    rubinius-core-api (0.0.1)
    ruby_ami (1.3.0)
      celluloid-io (~> 0.12.0)
      countdownlatch (~> 1.0)
      future-resource
      girl_friday
    ruby_fs (1.0.3)
      celluloid-io (~> 0.12.0)
      json
    ruby_speech (1.0.2)
      activesupport (>= 3.0.7)
      niceogiri (~> 1.1, >= 1.1.1)
      nokogiri (~> 1.5, >= 1.5.6)
    slop (3.4.3)
    state_machine (1.1.2)
    thor (0.17.0)
    timers (1.1.0)

PLATFORMS
  ruby

DEPENDENCIES
  adhearsion (~> 2.2)
  rspec
